RESTRICTION: == net6.0
NUGET
  remote: https://api.nuget.org/v3/index.json
    AWSSDK.Core (3.7.108.1)
    AWSSDK.DynamoDBv2 (3.7.5.20)
      AWSSDK.Core (>= 3.7.13.23 < 4.0)
    AWSSDK.Lambda (3.7.113.5)
      AWSSDK.Core (>= 3.7.108.1 < 4.0)
    Ben.Demystifier (0.4.1)
      System.Reflection.Metadata (>= 5.0)
    Grpc.AspNetCore.Server (2.55)
      Grpc.Net.Common (>= 2.55)
    Grpc.Core.Api (2.55)
      System.Memory (>= 4.5.3)
    Grpc.Net.Client (2.55)
      Grpc.Net.Common (>= 2.55)
      Microsoft.Extensions.Logging.Abstractions (>= 3.0.3)
    Grpc.Net.Common (2.55)
      Grpc.Core.Api (>= 2.55)
    Microsoft.Extensions.DependencyInjection (7.0)
      Microsoft.Extensions.DependencyInjection.Abstractions (>= 7.0)
    Microsoft.Extensions.DependencyInjection.Abstractions (7.0)
    Microsoft.Extensions.Logging (7.0)
      Microsoft.Extensions.DependencyInjection (>= 7.0)
      Microsoft.Extensions.DependencyInjection.Abstractions (>= 7.0)
      Microsoft.Extensions.Logging.Abstractions (>= 7.0)
      Microsoft.Extensions.Options (>= 7.0)
    Microsoft.Extensions.Logging.Abstractions (7.0.1)
    Microsoft.Extensions.Options (7.0.1)
      Microsoft.Extensions.DependencyInjection.Abstractions (>= 7.0)
      Microsoft.Extensions.Primitives (>= 7.0)
    Microsoft.Extensions.Primitives (7.0)
      System.Runtime.CompilerServices.Unsafe (>= 6.0)
    OneOf (3.0.255)
    Pulumi (3.55.1)
      Ben.Demystifier (>= 0.4.1)
      Grpc.AspNetCore.Server (>= 2.37)
      Grpc.Net.Client (>= 2.43)
      Microsoft.Extensions.Logging.Abstractions (>= 3.1.16)
      OneOf (>= 3.0.216)
      Pulumi.Protobuf (>= 3.20.1)
      Semver (>= 2.1)
      Serilog.Extensions.Logging (>= 3.0.1)
      Serilog.Sinks.Console (>= 4.0.1)
    Pulumi.Aws (5.42)
      Pulumi (>= 3.55.1)
    Pulumi.Kafka (3.4)
      Pulumi (>= 3.53)
    Pulumi.Protobuf (3.20.1)
    Semver (2.3)
    Serilog (3.0.1)
    Serilog.Extensions.Logging (7.0)
      Microsoft.Extensions.Logging (>= 7.0)
      Serilog (>= 2.12)
    Serilog.Sinks.Console (4.1)
      Serilog (>= 2.10)
    System.Collections.Immutable (7.0)
      System.Runtime.CompilerServices.Unsafe (>= 6.0)
    System.Memory (4.5.5)
    System.Reflection.Metadata (7.0.2)
      System.Collections.Immutable (>= 7.0)
    System.Runtime.CompilerServices.Unsafe (6.0)
